GEM
  remote: https://rubygems.org/
  specs:
    addressable (2.3.8)
    awesome_print (1.6.1)
    byebug (5.0.0)
      columnize (= 0.9.0)
    coderay (1.1.0)
    columnize (0.9.0)
    coolline (0.5.0)
      unicode_utils (~> 1.4)
    hirb (0.7.3)
    jazz_fingers (3.0.0)
      awesome_print (~> 1.6)
      hirb (~> 0.7)
      pry (~> 0.10)
      pry-byebug (~> 3.1)
      pry-coolline (~> 0.2)
      pry-doc (~> 0.6)
      pry-remote (>= 0.1.7)
    json (1.8.3)
    method_source (0.8.2)
    mime-types (1.25.1)
    pry (0.10.2)
      coderay (~> 1.1.0)
      method_source (~> 0.8.1)
      slop (~> 3.4)
    pry (0.10.2-x86-mingw32)
      coderay (~> 1.1.0)
      method_source (~> 0.8.1)
      slop (~> 3.4)
      win32console (~> 1.3)
    pry-byebug (3.2.0)
      byebug (~> 5.0)
      pry (~> 0.10)
    pry-coolline (0.2.5)
      coolline (~> 0.5)
    pry-doc (0.8.0)
      pry (~> 0.9)
      yard (~> 0.8)
    pry-remote (0.1.8)
      pry (~> 0.9)
      slop (~> 3.0)
    rest-client (1.6.9)
      mime-types (~> 1.16)
    ruby-progressbar (1.7.5)
    slop (3.6.0)
    unicode_utils (1.4.0)
    unirest (1.1.2)
      addressable (~> 2.3.5)
      json (~> 1.8.1)
      rest-client (~> 1.6.7)
    win32console (1.3.2-x86-mingw32)
    yard (0.8.7.6)

PLATFORMS
  ruby
  x86-mingw32

DEPENDENCIES
  jazz_fingers
  rest-client
  ruby-progressbar
  unirest

BUNDLED WITH
   1.10.6
